GEM
  remote: https://rubygems.org/
  specs:
    activesupport (4.0.1)
      i18n (~> 0.6, >= 0.6.4)
      minitest (~> 4.2)
      multi_json (~> 1.3)
      thread_safe (~> 0.1)
      tzinfo (~> 0.3.37)
    atomic (1.1.14)
    blather (0.8.8)
      activesupport (>= 2.3.11)
      eventmachine (>= 1.0.0)
      girl_friday
      niceogiri (~> 1.0)
      nokogiri (~> 1.5, >= 1.5.6)
    connection_pool (1.1.0)
    eventmachine (1.0.3-x86-mingw32)
    foreman (0.61.0)
      thor (>= 0.13.6)
    girl_friday (0.11.2)
      connection_pool (~> 1.0)
      rubinius-actor
    i18n (0.6.5)
    mini_portile (0.5.2)
    minitest (4.7.5)
    multi_json (1.8.2)
    niceogiri (1.1.2)
      nokogiri (~> 1.5)
    nokogiri (1.6.0-x86-mingw32)
      mini_portile (~> 0.5.0)
    rubinius-actor (0.0.2)
      rubinius-core-api
    rubinius-core-api (0.0.1)
    thor (0.18.1)
    thread_safe (0.1.3)
      atomic
    tzinfo (0.3.38)
    xmpp4r (0.5.5)

PLATFORMS
  x86-mingw32

DEPENDENCIES
  blather
  foreman
  xmpp4r
